GEM
  remote: https://rubygems.org/
  specs:
    breakpoint (1.2)
      compass (>= 0.12.1)
      sass (>= 3.2.0)
    chunky_png (1.3.5)
    compass (0.12.2)
      chunky_png (~> 1.2)
      fssm (>= 0.2.7)
      sass (~> 3.1)
    fssm (0.2.10)
    rake (10.4.2)
    sass (3.2.19)

PLATFORMS
  ruby

DEPENDENCIES
  breakpoint (<= 1.3)
  compass (= 0.12.2)
  rake (= 10.4.2)
  sass (<= 3.2.19)

BUNDLED WITH
   1.11.2
